GEM
  remote: https://rubygems.org/
  specs:
    nio4r (2.5.8)
    puma (5.6.4)
      nio4r (~> 2.0)
    rack (2.2.6.2)

PLATFORMS
  ruby

DEPENDENCIES
  puma (~> 5.6)
  rack (~> 2.2.6)

RUBY VERSION
   ruby 3.1.2p20

BUNDLED WITH
   2.1.4
