GEM
  remote: https://rubygems.org/
  specs:
    addressable (2.7.0)
      public_suffix (>= 2.0.2, < 5.0)
    public_suffix (4.0.6)
    rack (2.2.3)
    rack-canonical-host (1.0.0)
      addressable (> 0, < 3)
      rack (>= 1.0.0, < 3)

PLATFORMS
  ruby

DEPENDENCIES
  rack
  rack-canonical-host

BUNDLED WITH
   2.1.4
